PATH
  remote: .
  specs:
    parenting (0.1.4)

GEM
  remote: https://rubygems.org/
  specs:

PLATFORMS
  ruby

DEPENDENCIES
  parenting!
